GEM
  remote: https://rubygems.org/
  specs:
    activesupport (4.0.2)
      i18n (~> 0.6, >= 0.6.4)
      minitest (~> 4.2)
      multi_json (~> 1.3)
      thread_safe (~> 0.1)
      tzinfo (~> 0.3.37)
    atomic (1.1.14)
    atomic (1.1.14-java)
    coderay (1.1.0)
    diff-lcs (1.2.5)
    factory_girl (4.3.0)
      activesupport (>= 3.0.0)
    ffi (1.9.3-java)
    i18n (0.6.9)
    jruby-jars (1.7.10)
    method_source (0.8.2)
    minitest (4.7.5)
    multi_json (1.8.4)
    pry (0.9.12.4)
      coderay (~> 1.0)
      method_source (~> 0.8)
      slop (~> 3.4)
    pry (0.9.12.4-java)
      coderay (~> 1.0)
      method_source (~> 0.8)
      slop (~> 3.4)
      spoon (~> 0.0)
    rake (12.3.3)
    rspec (2.14.1)
      rspec-core (~> 2.14.0)
      rspec-expectations (~> 2.14.0)
      rspec-mocks (~> 2.14.0)
    rspec-core (2.14.7)
    rspec-expectations (2.14.5)
      diff-lcs (>= 1.1.3, < 2.0)
    rspec-mocks (2.14.5)
    slop (3.4.7)
    spoon (0.0.4)
      ffi
    thread_safe (0.1.3)
      atomic
    thread_safe (0.1.3-java)
      atomic
    tzinfo (0.3.38)
    wirble (0.1.3)

PLATFORMS
  java
  ruby

DEPENDENCIES
  factory_girl (= 4.3.0)
  jruby-jars (= 1.7.10)
  pry (= 0.9.12.4)
  rake (= 12.3.3)
  rspec (= 2.14.1)
  wirble (= 0.1.3)
